GEM
  remote: https://rubygems.org/
  specs:
    backports (3.11.1)
    builder (3.2.3)
    jwt (1.5.6)
    multi_json (1.13.1)
    mustermann (1.0.2)
    rack (2.0.4)
    rack-protection (2.0.1)
      rack
    sinatra (2.0.1)
      mustermann (~> 1.0)
      rack (~> 2.0)
      rack-protection (= 2.0.1)
      tilt (~> 2.0)
    sinatra-config-file (1.0)
      sinatra-contrib
    sinatra-contrib (2.0.1)
      backports (>= 2.0)
      multi_json
      mustermann (~> 1.0)
      rack-protection (= 2.0.1)
      sinatra (= 2.0.1)
      tilt (>= 1.3, < 3)
    tilt (2.0.8)
    twilio-ruby (4.13.0)
      builder (>= 2.1.2)
      jwt (~> 1.0)
      multi_json (>= 1.3.0)

PLATFORMS
  ruby

DEPENDENCIES
  sinatra (~> 2.0, >= 2.0.1)
  sinatra-config-file (~> 1.0)
  twilio-ruby (~> 4.11, >= 4.11.1)

BUNDLED WITH
   1.14.6
